GEM
  remote: http://rubygems.org/
  specs:
    compass (0.10.5)
      haml (>= 3.0.4)
    haml (3.0.22)

PLATFORMS
  ruby

DEPENDENCIES
  compass
